GEM
  remote: http://rubygems.org/
  specs:
    mocha (0.9.8)
      rake
    rake (0.8.7)
    relevance-rcov (0.9.2.1)
    xml-simple (1.0.12)

PLATFORMS
  ruby

DEPENDENCIES
  mocha (>= 0.9.8)
  rake (>= 0.8.7)
  relevance-rcov (>= 0.9.2.1)
  xml-simple (>= 1.0.12)
